GEM
  remote: https://rubygems.org/
  specs:
    exifr (1.1.3)
    flickr_party (0.3.1)
      httparty
    haml (4.0.3)
      tilt
    httparty (0.11.0)
      multi_json (~> 1.0)
      multi_xml (>= 0.5.2)
    mini_magick (3.6.0)
      subexec (~> 0.2.1)
    multi_json (1.7.6)
    multi_xml (0.5.4)
    rack (1.5.2)
    rack-protection (1.5.0)
      rack
    sinatra (1.4.3)
      rack (~> 1.4)
      rack-protection (~> 1.4)
      tilt (~> 1.3, >= 1.3.4)
    subexec (0.2.3)
    tilt (1.4.1)

PLATFORMS
  ruby

DEPENDENCIES
  exifr
  flickr_party
  haml
  mini_magick
  sinatra
